STORAGE: NONE
RESTRICTION: == net6.0
NUGET
  remote: https://api.nuget.org/v3/index.json
    coverlet.collector (3.1.2)
    DiffEngine (10.0)
      EmptyFiles (>= 2.8)
      System.Management (>= 5.0)
    EmptyFiles (2.8)
    Fable.Core (3.7.1)
    FSharp.Core (6.0.5)
    FsToolkit.ErrorHandling (2.13)
      FSharp.Core (>= 4.7.2)
    FsUnit (5.0.3)
      FSharp.Core (>= 5.0.2)
      NUnit (>= 3.13.3 < 3.14)
    Microsoft.CodeCoverage (17.3)
    Microsoft.NET.Test.Sdk (17.3)
      Microsoft.CodeCoverage (>= 17.3)
      Microsoft.TestPlatform.TestHost (>= 17.3)
    Microsoft.NETCore.Platforms (6.0.5)
    Microsoft.TestPlatform.ObjectModel (17.3)
      NuGet.Frameworks (>= 5.11)
      System.Reflection.Metadata (>= 1.6)
    Microsoft.TestPlatform.TestHost (17.3)
      Microsoft.TestPlatform.ObjectModel (>= 17.3)
      Newtonsoft.Json (>= 9.0.1)
    NETStandard.Library (2.0.3)
      Microsoft.NETCore.Platforms (>= 1.1)
    Newtonsoft.Json (13.0.1)
    NuGet.Frameworks (6.3)
    NUnit (3.13.3)
      NETStandard.Library (>= 2.0)
    NUnit3TestAdapter (4.2.1)
    SimpleInfoName (1.1.1)
    System.CodeDom (6.0)
    System.Collections.Immutable (6.0)
      System.Runtime.CompilerServices.Unsafe (>= 6.0)
    System.Management (6.0)
      System.CodeDom (>= 6.0)
    System.Reflection.Metadata (6.0.1)
      System.Collections.Immutable (>= 6.0)
    System.Runtime.CompilerServices.Unsafe (6.0)
    Thoth.Json.Net (8.0)
      Fable.Core (>= 3.0 < 4.0)
      FSharp.Core (>= 4.7.2)
      Newtonsoft.Json (>= 11.0.2)
    Verify (17.10.2)
      DiffEngine (>= 10.0)
      EmptyFiles (>= 2.8)
      Newtonsoft.Json (>= 13.0.1)
      SimpleInfoName (>= 1.1.1)
    Verify.NUnit (17.10.2)
      EmptyFiles (>= 2.8)
      NUnit (>= 3.13.3)
      Verify (>= 17.10.2)
