STORAGE: NONE
RESTRICTION: == net6.0
NUGET
  remote: https://api.nuget.org/v3/index.json
    DiffEngine (10.0)
      EmptyFiles (>= 2.8)
      System.Management (>= 5.0)
    EmptyFiles (2.8)
    Expecto (9.0.4)
      FSharp.Core (>= 4.6)
      Mono.Cecil (>= 0.11.3)
    Fable.Core (3.7.1)
    FSharp.Core (6.0.5)
    FsToolkit.ErrorHandling (2.13)
      FSharp.Core (>= 4.7.2)
    Mono.Cecil (0.11.4)
    Newtonsoft.Json (13.0.1)
    SimpleInfoName (1.1.1)
    System.CodeDom (6.0)
    System.Management (6.0)
      System.CodeDom (>= 6.0)
    Thoth.Json.Net (8.0)
      Fable.Core (>= 3.0 < 4.0)
      FSharp.Core (>= 4.7.2)
      Newtonsoft.Json (>= 11.0.2)
    Verify (17.9)
      DiffEngine (>= 10.0)
      EmptyFiles (>= 2.8)
      Newtonsoft.Json (>= 13.0.1)
      SimpleInfoName (>= 1.1.1)
    Verify.Expecto (17.9)
      EmptyFiles (>= 2.8)
      Expecto (>= 9.0.4)
      FSharp.Core (>= 6.0.5)
      Verify (>= 17.9)
